PATH
  remote: .
  specs:
    alaska (0.0.5)
      execjs

GEM
  remote: https://rubygems.org/
  specs:
    execjs (2.3.0)
    minitest (5.5.1)
    rake (10.4.2)

PLATFORMS
  ruby

DEPENDENCIES
  alaska!
  execjs (~> 2.3.0)
  minitest (~> 5.5.1)
  rake (~> 10.4)
