PATH
  remote: .
  specs:
    alaska (1.2.2)
      execjs (~> 2.7)

GEM
  remote: https://rubygems.org/
  specs:
    execjs (2.7.0)
    minitest (5.5.1)
    rake (12.3.3)

PLATFORMS
  ruby

DEPENDENCIES
  alaska!
  minitest (~> 5.5)
  rake (~> 12.3)

BUNDLED WITH
   1.13.6
