PATH
  remote: .
  specs:
    alaska (0.0.4)
      execjs

GEM
  remote: https://rubygems.org/
  specs:
    execjs (2.3.0)
    minitest (5.5.1)
    power_assert (0.2.2)
    rake (10.4.2)
    test-unit (3.0.8)
      power_assert

PLATFORMS
  ruby

DEPENDENCIES
  alaska!
  minitest (~> 5.5.1)
  rake (~> 10.4)
  test-unit
