PATH
  remote: .
  specs:
    alaska (1.0.4)
      execjs (~> 2.6)

GEM
  remote: https://rubygems.org/
  specs:
    execjs (2.6.0)
    minitest (5.5.1)
    rake (10.4.2)

PLATFORMS
  ruby

DEPENDENCIES
  alaska!
  minitest (~> 5.5)
  rake (~> 10.4)
